GEM
  remote: http://rubygems.org/
  specs:
    json (2.3.0)
    oauth (0.5.1)

PLATFORMS
  ruby

DEPENDENCIES
  json (= 2.3.0)
  oauth

BUNDLED WITH
   1.12.5
