GEM
  remote: http://rubygems.org/
  specs:
    json (1.8.1)
    oauth (0.5.5)

PLATFORMS
  ruby

DEPENDENCIES
  json (= 1.8.1)
  oauth

BUNDLED WITH
   1.12.5
